PATH
  remote: .
  specs:
    clever-ruby (2.0.2)
      addressable (~> 2.7, >= 2.7.0)
      json (>= 1.8, < 3)
      typhoeus (~> 1.0, >= 1.0.1)

GEM
  remote: https://rubygems.org/
  specs:
    addressable (2.7.0)
      public_suffix (>= 2.0.2, < 5.0)
    autotest (5.0.0)
      minitest-autotest (~> 1.0)
    autotest-fsevent (0.2.17)
      sys-uname
    autotest-growl (0.2.16)
    autotest-rails-pure (4.1.2)
    crack (0.4.5)
      rexml
    diff-lcs (1.4.4)
    ethon (0.12.0)
      ffi (>= 1.3.0)
    ffi (1.14.2)
    hashdiff (1.0.1)
    json (2.5.1)
    minitest (5.14.3)
    minitest-autotest (1.1.1)
      minitest-server (~> 1.0)
      path_expander (~> 1.0)
    minitest-server (1.0.6)
      minitest (~> 5.0)
    path_expander (1.1.0)
    public_suffix (4.0.6)
    rake (12.3.3)
    rexml (3.2.4)
    rspec (3.10.0)
      rspec-core (~> 3.10.0)
      rspec-expectations (~> 3.10.0)
      rspec-mocks (~> 3.10.0)
    rspec-core (3.10.1)
      rspec-support (~> 3.10.0)
    rspec-expectations (3.10.1)
      diff-lcs (>= 1.2.0, < 2.0)
      rspec-support (~> 3.10.0)
    rspec-mocks (3.10.1)
      diff-lcs (>= 1.2.0, < 2.0)
      rspec-support (~> 3.10.0)
    rspec-support (3.10.1)
    sys-uname (1.2.2)
      ffi (~> 1.1)
    typhoeus (1.4.0)
      ethon (>= 0.9.0)
    vcr (6.0.0)
    webmock (3.11.0)
      addressable (>= 2.3.6)
      crack (>= 0.3.2)
      hashdiff (>= 0.4.0, < 2.0.0)

PLATFORMS
  x86_64-darwin-19

DEPENDENCIES
  autotest
  autotest-fsevent
  autotest-growl
  autotest-rails-pure
  clever-ruby!
  rake (~> 12.3.3)
  rspec
  vcr
  webmock

BUNDLED WITH
   2.2.5
